GEM
  remote: https://rubygems.org/
  specs:
    netaddr (1.5.0)
    nokogiri (1.5.5)
    rprogram (0.3.2)
    ruby-nmap (0.8.0)
      nokogiri (~> 1.3)
      rprogram (~> 0.3)

PLATFORMS
  ruby

DEPENDENCIES
  netaddr (= 1.5.0)
  nokogiri (= 1.5.5)
  ruby-nmap
